PATH
  remote: .
  specs:
    killbill-zendesk (3.0.0)
      activerecord (~> 4.1.0)
      activerecord-bogacs (~> 0.3)
      activerecord-jdbc-adapter (~> 1.3, < 1.5)
      jruby-openssl (~> 0.9.7)
      killbill (~> 8.0)
      mime-types (< 3)
      protected_attributes (~> 1.1.3)
      sinatra (~> 1.3.4)
      zendesk_api (~> 0.3.10)

GEM
  remote: https://rubygems.org/
  specs:
    activemodel (4.1.16)
      activesupport (= 4.1.16)
      builder (~> 3.1)
    activerecord (4.1.16)
      activemodel (= 4.1.16)
      activesupport (= 4.1.16)
      arel (~> 5.0.0)
    activerecord-bogacs (0.5.0)
    activerecord-jdbc-adapter (1.3.21)
      activerecord (>= 2.2)
    activesupport (4.1.16)
      i18n (~> 0.6, >= 0.6.9)
      json (~> 1.7, >= 1.7.7)
      minitest (~> 5.1)
      thread_safe (~> 0.1)
      tzinfo (~> 1.1)
    arel (5.0.1.20140414130214)
    axiom-types (0.1.1)
      descendants_tracker (~> 0.0.4)
      ice_nine (~> 0.11.0)
      thread_safe (~> 0.3, >= 0.3.1)
    builder (3.2.2)
    coercible (1.0.0)
      descendants_tracker (~> 0.0.1)
    descendants_tracker (0.0.4)
      thread_safe (~> 0.3, >= 0.3.1)
    diff-lcs (1.1.3)
    equalizer (0.0.11)
    ethon (0.9.1)
      ffi (>= 1.3.0)
    faraday (0.9.2)
      multipart-post (>= 1.2, < 3)
    faraday_middleware (0.10.0)
      faraday (>= 0.7.4, < 0.10)
    ffi (1.9.14-java)
    hashie (3.4.6)
    i18n (0.7.0)
    ice_nine (0.11.1)
    inflection (1.0.0)
    jar-dependencies (0.3.1)
    jbundler (0.9.2)
      bundler (~> 1.5)
      jar-dependencies (~> 0.2)
      maven-tools (~> 1.0.10)
      ruby-maven (~> 3.3, >= 3.3.3)
    jdbc-mariadb (1.2.3)
    jdbc-sqlite3 (3.8.11.2)
    jruby-openssl (0.9.18-java)
    json (1.8.3-java)
    killbill (8.3.1)
      rack (>= 1.5.2)
      sinatra (~> 1.3.4)
      typhoeus (~> 0.6.9)
      tzinfo (~> 1.2.0)
    maven-tools (1.0.13)
      virtus (~> 1.0)
    mime-types (2.99.2)
    minitest (5.9.1)
    multipart-post (2.0.0)
    protected_attributes (1.1.3)
      activemodel (>= 4.0.1, < 5.0)
    rack (1.6.5)
    rack-protection (1.5.3)
      rack
    rake (10.4.2)
    rspec (2.12.0)
      rspec-core (~> 2.12.0)
      rspec-expectations (~> 2.12.0)
      rspec-mocks (~> 2.12.0)
    rspec-core (2.12.2)
    rspec-expectations (2.12.1)
      diff-lcs (~> 1.1.3)
    rspec-mocks (2.12.2)
    ruby-maven (3.3.8)
      ruby-maven-libs (~> 3.3.1)
    ruby-maven-libs (3.3.3)
    sinatra (1.3.6)
      rack (~> 1.4)
      rack-protection (~> 1.3)
      tilt (~> 1.3, >= 1.3.3)
    thread_safe (0.3.5-java)
    tilt (1.4.1)
    typhoeus (0.6.9)
      ethon (>= 0.7.1)
    tzinfo (1.2.2)
      thread_safe (~> 0.1)
    virtus (1.0.5)
      axiom-types (~> 0.1)
      coercible (~> 1.0)
      descendants_tracker (~> 0.0, >= 0.0.3)
      equalizer (~> 0.0, >= 0.0.9)
    zendesk_api (0.3.14)
      faraday (>= 0.8.0)
      faraday_middleware (>= 0.8.7)
      hashie (>= 1.2)
      inflection
      json
      mime-types
      multipart-post

PLATFORMS
  java

DEPENDENCIES
  jbundler (~> 0.9.2)
  jdbc-mariadb (~> 1.1)
  jdbc-sqlite3 (~> 3.7)
  killbill-zendesk!
  rake (>= 10.0.0)
  rspec (~> 2.12.0)

BUNDLED WITH
   1.11.2
